GEM
  remote: https://rubygems.org/
  specs:
    backticks (1.0.2)
    blockenspiel (0.5.0)
    colored (1.2)
    colored2 (3.1.2)
    concurrent-ruby (1.1.6)
    cri (2.15.10)
    deep_merge (1.2.1)
    diff-lcs (1.3)
    facter (2.5.7)
    faraday (0.17.3)
      multipart-post (>= 1.2, < 3)
    faraday_middleware (0.14.0)
      faraday (>= 0.7.4, < 1.0)
    fast_gettext (1.1.2)
    gettext (3.2.9)
      locale (>= 2.0.5)
      text (>= 1.3.0)
    gettext-setup (0.34)
      fast_gettext (~> 1.1.0)
      gettext (>= 3.0.2, < 3.3.0)
      locale
    git (1.7.0)
      rchardet (~> 1.8)
    hiera (3.6.0)
    hiera-eyaml (3.2.0)
      highline (~> 1.6.19)
      optimist
    highline (1.6.21)
    hocon (1.3.1)
    httpclient (2.8.3)
    little-plugger (1.1.4)
    locale (2.1.3)
    log4r (1.1.10)
    logging (2.2.2)
      little-plugger (~> 1.1)
      multi_json (~> 1.10)
    minitar (0.9)
    mocha (1.11.2)
    multi_json (1.14.1)
    multipart-post (2.1.1)
    onceover (3.17.0)
      backticks (>= 1.0.2)
      colored (~> 1.2)
      cri (>= 2.6)
      deep_merge (>= 1.0.0)
      facter (< 4.0.0)
      git
      logging (>= 2.0.0)
      multi_json (~> 1.10)
      parallel_tests (>= 2.0.0)
      puppet (>= 4.0)
      puppetlabs_spec_helper (>= 0.4.0)
      r10k (>= 2.1.0)
      rake (>= 10.0.0)
      rspec (>= 3.0.0)
      rspec-puppet (>= 2.4.0)
      rspec_junit_formatter (>= 0.2.0)
      table_print (>= 1.0.0)
      versionomy (>= 0.5.0)
    optimist (3.0.1)
    parallel (1.19.1)
    parallel_tests (2.32.0)
      parallel
    pathspec (0.2.1)
    puppet (6.15.0)
      concurrent-ruby (~> 1.0)
      deep_merge (~> 1.0)
      facter (> 2.0.1, < 5)
      fast_gettext (~> 1.1)
      hiera (>= 3.2.1, < 4)
      httpclient (~> 2.8)
      locale (~> 2.1)
      multi_json (~> 1.10)
      puppet-resource_api (~> 1.5)
      semantic_puppet (~> 1.0)
    puppet-lint (2.4.2)
    puppet-resource_api (1.8.13)
      hocon (>= 1.0)
    puppet-syntax (2.6.1)
      puppet (>= 5)
      rake
    puppet_forge (2.3.4)
      faraday (>= 0.9.0, < 0.18.0, != 0.13.1)
      faraday_middleware (>= 0.9.0, < 0.15.0)
      gettext-setup (~> 0.11)
      minitar
      semantic_puppet (~> 1.0)
    puppetlabs_spec_helper (2.14.1)
      mocha (~> 1.0)
      pathspec (~> 0.2.1)
      puppet-lint (~> 2.0)
      puppet-syntax (~> 2.0)
      rspec-puppet (~> 2.0)
    r10k (3.5.0)
      colored2 (= 3.1.2)
      cri (>= 2.15.10, < 3.0.0)
      fast_gettext (~> 1.1.0)
      gettext (>= 3.0.2, < 3.3.0)
      gettext-setup (~> 0.24)
      log4r (= 1.1.10)
      multi_json (~> 1.10)
      puppet_forge (~> 2.3.0)
    rake (13.0.1)
    rchardet (1.8.0)
    rspec (3.9.0)
      rspec-core (~> 3.9.0)
      rspec-expectations (~> 3.9.0)
      rspec-mocks (~> 3.9.0)
    rspec-core (3.9.2)
      rspec-support (~> 3.9.3)
    rspec-expectations (3.9.2)
      diff-lcs (>= 1.2.0, < 2.0)
      rspec-support (~> 3.9.0)
    rspec-mocks (3.9.1)
      diff-lcs (>= 1.2.0, < 2.0)
      rspec-support (~> 3.9.0)
    rspec-puppet (2.7.8)
      rspec
    rspec-support (3.9.3)
    rspec_junit_formatter (0.4.1)
      rspec-core (>= 2, < 4, != 2.12.0)
    semantic_puppet (1.0.2)
    table_print (1.5.6)
    text (1.3.1)
    versionomy (0.5.0)
      blockenspiel (~> 0.5)

PLATFORMS
  ruby

DEPENDENCIES
  hiera-eyaml
  onceover

BUNDLED WITH
   2.1.4
